GEM
  remote: https://rubygems.org/
  specs:
    cinch (2.3.4)
    concurrent-ruby (1.0.5)
    i18n (1.1.1)
      concurrent-ruby (~> 1.0)
    openra-irc_bot (0.5.1)
      bundler
      cinch
      i18n

PLATFORMS
  ruby

DEPENDENCIES
  openra-irc_bot

RUBY VERSION
   ruby 2.5.0p0

BUNDLED WITH
   1.17.1
