GEM
  remote: https://rubygems.org/
  specs:
    cinch (2.3.4)
    concurrent-ruby (1.1.4)
    i18n (1.5.3)
      concurrent-ruby (~> 1.0)
    openra-irc_bot (0.7.1)
      bundler
      cinch
      i18n

PLATFORMS
  ruby

DEPENDENCIES
  openra-irc_bot

BUNDLED WITH
   1.17.3
